GEM
  remote: https://rubygems.org/
  specs:
    barby (0.6.8)
    chunky_png (1.4.0)
    pdf-core (0.9.0)
    prawn (2.4.0)
      pdf-core (~> 0.9.0)
      ttfunk (~> 1.7)
    ttfunk (1.7.0)

PLATFORMS
  x86_64-darwin-21

DEPENDENCIES
  barby
  chunky_png
  prawn

RUBY VERSION
   ruby 3.1.0p0

BUNDLED WITH
   2.3.3
